GEM
  remote: https://rubygems.org/
  specs:
    coderay (1.1.3)
    exifr (1.4.0)
    filewatcher (2.1.0)
      module_methods (~> 0.1.0)
    fspath (3.1.2)
    httpclient (2.8.3)
    image_optim (0.31.3)
      exifr (~> 1.2, >= 1.2.2)
      fspath (~> 3.0)
      image_size (>= 1.5, < 4)
      in_threads (~> 1.3)
      progress (~> 3.0, >= 3.0.1)
    image_optim_pack (0.11.1.20240914)
      fspath (>= 2.1, < 4)
      image_optim (~> 0.19)
    image_size (3.4.0)
    in_threads (1.6.0)
    method_source (1.1.0)
    mini_magick (5.0.1)
    mocha (2.4.5)
      ruby2_keywords (>= 0.0.5)
    module_methods (0.1.0)
    power_assert (2.0.4)
    progress (3.6.0)
    pry (0.14.2)
      coderay (~> 1.1)
      method_source (~> 1.0)
    ruby2_keywords (0.0.5)
    test-unit (3.6.2)
      power_assert
    tinify (1.6.0)
      httpclient (~> 2.6)

PLATFORMS
  ruby

DEPENDENCIES
  filewatcher
  image_optim
  image_optim_pack
  mini_magick
  mocha
  pry
  test-unit
  tinify

RUBY VERSION
   ruby 3.2.0p0

BUNDLED WITH
   2.3.7
