GEM
  remote: https://rubygems.org/
  specs:
    coderay (1.1.3)
    filewatcher (2.0.0.beta5)
    httpclient (2.8.3)
    method_source (1.0.0)
    mini_magick (4.11.0)
    mocha (1.13.0)
    power_assert (2.0.1)
    pry (0.14.1)
      coderay (~> 1.1)
      method_source (~> 1.0)
    test-unit (3.5.3)
      power_assert
    tinify (1.5.1)
      httpclient (~> 2.6)

PLATFORMS
  ruby

DEPENDENCIES
  filewatcher (~> 2.0.0.beta5)
  mini_magick
  mocha
  pry
  test-unit
  tinify

RUBY VERSION
   ruby 3.1.1p18

BUNDLED WITH
   2.2.32
