GEM
  remote: https://rubygems.org/
  specs:
    aws-eventstream (1.2.0)
    aws-partitions (1.568.0)
    aws-sdk-core (3.130.0)
      aws-eventstream (~> 1, >= 1.0.2)
      aws-partitions (~> 1, >= 1.525.0)
      aws-sigv4 (~> 1.1)
      jmespath (~> 1.0)
    aws-sdk-polly (1.53.0)
      aws-sdk-core (~> 3, >= 3.127.0)
      aws-sigv4 (~> 1.1)
    aws-sigv4 (1.4.0)
      aws-eventstream (~> 1, >= 1.0.2)
    coderay (1.1.3)
    jmespath (1.6.1)
    method_source (1.0.0)
    mocha (1.13.0)
    power_assert (2.0.1)
    pry (0.14.1)
      coderay (~> 1.1)
      method_source (~> 1.0)
    test-unit (3.5.3)
      power_assert

PLATFORMS
  x86_64-darwin-19
  x86_64-darwin-20

DEPENDENCIES
  aws-sdk-polly
  mocha
  pry
  test-unit

RUBY VERSION
   ruby 3.1.1p18

BUNDLED WITH
   2.2.32
