GEM
  remote: https://rubygems.org/
  specs:
    aws-eventstream (1.2.0)
    aws-partitions (1.693.0)
    aws-sdk-core (3.168.4)
      aws-eventstream (~> 1, >= 1.0.2)
      aws-partitions (~> 1, >= 1.651.0)
      aws-sigv4 (~> 1.5)
      jmespath (~> 1, >= 1.6.1)
    aws-sdk-polly (1.62.0)
      aws-sdk-core (~> 3, >= 3.165.0)
      aws-sigv4 (~> 1.1)
    aws-sigv4 (1.5.2)
      aws-eventstream (~> 1, >= 1.0.2)
    coderay (1.1.3)
    jmespath (1.6.2)
    method_source (1.0.0)
    mocha (2.0.2)
      ruby2_keywords (>= 0.0.5)
    nokogiri (1.14.0-x86_64-darwin)
      racc (~> 1.4)
    power_assert (2.0.3)
    pry (0.14.2)
      coderay (~> 1.1)
      method_source (~> 1.0)
    racc (1.6.2)
    ruby2_keywords (0.0.5)
    test-unit (3.5.7)
      power_assert

PLATFORMS
  x86_64-darwin-19
  x86_64-darwin-20
  x86_64-darwin-21

DEPENDENCIES
  aws-sdk-polly
  mocha
  nokogiri
  pry
  test-unit

RUBY VERSION
   ruby 3.1.2p20

BUNDLED WITH
   2.3.7
