GEM
  remote: https://rubygems.org/
  specs:
    eiwa (0.1.0)
      nokogiri
    nokogiri (1.13.8-x86_64-darwin)
      racc (~> 1.4)
    racc (1.6.0)

PLATFORMS
  x86_64-darwin-21

DEPENDENCIES
  eiwa

RUBY VERSION
   ruby 3.1.2p20

BUNDLED WITH
   2.2.29
